PATH
  remote: .
  specs:
    hanami-sequel (1.1.1)
      hanami (~> 1.1.0)
      sequel (~> 5.0)

GEM
  remote: https://rubygems.org/
  specs:
    concurrent-ruby (1.0.5)
    diff-lcs (1.3)
    dry-configurable (0.7.0)
      concurrent-ruby (~> 1.0)
    dry-container (0.6.0)
      concurrent-ruby (~> 1.0)
      dry-configurable (~> 0.1, >= 0.1.3)
    dry-core (0.4.4)
      concurrent-ruby (~> 1.0)
    dry-equalizer (0.2.0)
    dry-logic (0.4.2)
      dry-container (~> 0.2, >= 0.2.6)
      dry-core (~> 0.2)
      dry-equalizer (~> 0.2)
    dry-types (0.12.2)
      concurrent-ruby (~> 1.0)
      dry-configurable (~> 0.1)
      dry-container (~> 0.3)
      dry-core (~> 0.2, >= 0.2.1)
      dry-equalizer (~> 0.2)
      dry-logic (~> 0.4, >= 0.4.2)
      inflecto (~> 0.0.0, >= 0.0.2)
    dry-validation (0.11.1)
      concurrent-ruby (~> 1.0)
      dry-configurable (~> 0.1, >= 0.1.3)
      dry-core (~> 0.2, >= 0.2.1)
      dry-equalizer (~> 0.2)
      dry-logic (~> 0.4, >= 0.4.0)
      dry-types (~> 0.12.0)
    hanami (1.1.0)
      bundler
      concurrent-ruby (~> 1.0)
      hanami-assets (~> 1.1)
      hanami-cli (~> 0.1)
      hanami-controller (~> 1.1)
      hanami-helpers (~> 1.1)
      hanami-mailer (~> 1.1)
      hanami-router (~> 1.1)
      hanami-utils (~> 1.1)
      hanami-validations (~> 1.1)
      hanami-view (~> 1.1)
    hanami-assets (1.1.0)
      hanami-helpers (~> 1.1)
      hanami-utils (~> 1.1)
      tilt (~> 2.0, >= 2.0.2)
    hanami-cli (0.1.0)
      concurrent-ruby (~> 1.0)
      hanami-utils (~> 1.1)
    hanami-controller (1.1.1)
      hanami-utils (~> 1.1)
      rack (>= 2.0.6)
    hanami-helpers (1.1.1)
      hanami-utils (~> 1.1)
    hanami-mailer (1.1.0)
      hanami-utils (~> 1.1)
      mail (~> 2.6)
      tilt (~> 2.0, >= 2.0.1)
    hanami-router (1.1.0)
      hanami-utils (~> 1.1)
      http_router (= 0.11.2)
      rack (~> 2.0)
    hanami-utils (1.1.2)
      concurrent-ruby (~> 1.0)
      transproc (~> 1.0)
    hanami-validations (1.1.0)
      dry-validation (~> 0.11)
      hanami-utils (~> 1.1)
    hanami-view (1.1.0)
      hanami-utils (~> 1.1)
      tilt (~> 2.0, >= 2.0.1)
    http_router (0.11.2)
      rack (>= 1.0.0)
      url_mount (~> 0.2.1)
    inflecto (0.0.2)
    mail (2.7.0)
      mini_mime (>= 0.1.1)
    mini_mime (1.0.0)
    rack (2.0.8)
    rake (10.5.0)
    rspec (3.7.0)
      rspec-core (~> 3.7.0)
      rspec-expectations (~> 3.7.0)
      rspec-mocks (~> 3.7.0)
    rspec-core (3.7.1)
      rspec-support (~> 3.7.0)
    rspec-expectations (3.7.0)
      diff-lcs (>= 1.2.0, < 2.0)
      rspec-support (~> 3.7.0)
    rspec-mocks (3.7.0)
      diff-lcs (>= 1.2.0, < 2.0)
      rspec-support (~> 3.7.0)
    rspec-support (3.7.1)
    sequel (5.5.0)
    tilt (2.0.8)
    transproc (1.0.2)
    url_mount (0.2.1)
      rack

PLATFORMS
  ruby

DEPENDENCIES
  bundler (~> 1.16)
  hanami-sequel!
  rake (~> 10.0)
  rspec (~> 3.0)

BUNDLED WITH
   1.16.1
